GEM
  remote: https://rubygems.org/
  specs:
    rack (2.0.3)
    rack-proxy (0.6.2)
      rack
    rack-reverse-proxy (0.12.0)
      rack (>= 1.0.0)
      rack-proxy (~> 0.6, >= 0.6.1)

PLATFORMS
  ruby

DEPENDENCIES
  rack-reverse-proxy

BUNDLED WITH
   1.12.5
